GEM
  remote: https://rubygems.org/
  remote: https://cli.gemfury.com/ruby/
  remote: https://repo.nlevel.io/ruby/
  specs:
    diff-lcs (1.3)
    docker_task (0.1.7)
      rake
    dotenv (2.7.5)
    faraday (0.15.4)
      multipart-post (>= 1.2, < 3)
    gemfury (0.10.0)
      faraday (>= 0.9.0, < 0.16.0.pre)
      highline (>= 1.6.0, < 2.1.0.pre)
      multi_json (~> 1.10)
      netrc (>= 0.10.0, < 0.12.0.pre)
      thor (>= 0.14.0, < 1.0.0.pre)
    highline (2.0.2)
    multi_json (1.13.1)
    multipart-post (2.1.1)
    netrc (0.11.0)
    parallel (1.17.0)
    parallel_tests (2.29.2)
      parallel
    rake (12.3.3)
    rspec (3.8.0)
      rspec-core (~> 3.8.0)
      rspec-expectations (~> 3.8.0)
      rspec-mocks (~> 3.8.0)
    rspec-core (3.8.2)
      rspec-support (~> 3.8.0)
    rspec-expectations (3.8.4)
      diff-lcs (>= 1.2.0, < 2.0)
      rspec-support (~> 3.8.0)
    rspec-mocks (3.8.1)
      diff-lcs (>= 1.2.0, < 2.0)
      rspec-support (~> 3.8.0)
    rspec-support (3.8.2)
    thor (0.20.3)

PLATFORMS
  ruby

DEPENDENCIES
  docker_task (~> 0.1.7)!
  dotenv
  gemfury!
  parallel_tests
  rake
  rspec

BUNDLED WITH
   1.17.3
