GEM
  remote: https://cli.gemfury.com/ruby/
  specs:
    gemfury (0.11.0)
      faraday (>= 0.9.0, < 0.16.0.pre)
      highline (>= 1.6.0, < 2.1.0.pre)
      multi_json (~> 1.10)
      netrc (>= 0.10.0, < 0.12.0.pre)
      progressbar (>= 1.10.1)
      thor (>= 0.14.0, < 1.0.0.pre)

GEM
  remote: https://repo.nlevel.io/ruby/
  specs:
    docker_task (0.1.12)
      rake

GEM
  remote: https://rubygems.org/
  specs:
    diff-lcs (1.4.4)
    dotenv (2.7.6)
    faraday (0.15.4)
      multipart-post (>= 1.2, < 3)
    highline (2.0.3)
    multi_json (1.15.0)
    multipart-post (2.1.1)
    netrc (0.11.0)
    parallel (1.20.1)
    parallel_tests (3.7.0)
      parallel
    progressbar (1.11.0)
    rake (13.0.3)
    rspec (3.10.0)
      rspec-core (~> 3.10.0)
      rspec-expectations (~> 3.10.0)
      rspec-mocks (~> 3.10.0)
    rspec-core (3.10.1)
      rspec-support (~> 3.10.0)
    rspec-expectations (3.10.1)
      diff-lcs (>= 1.2.0, < 2.0)
      rspec-support (~> 3.10.0)
    rspec-mocks (3.10.2)
      diff-lcs (>= 1.2.0, < 2.0)
      rspec-support (~> 3.10.0)
    rspec-support (3.10.2)
    thor (0.20.3)

PLATFORMS
  x86_64-darwin-20
  x86_64-linux

DEPENDENCIES
  docker_task (~> 0.1.12)!
  dotenv
  gemfury!
  parallel_tests
  rake
  rspec

BUNDLED WITH
   2.2.20
