PATH
  remote: .
  specs:
    gem_using_bundler (0.1.0)

GEM
  remote: https://rubygems.org/
  specs:
    diff-lcs (1.4.4)
    dotenv (2.7.6)
    faraday (0.15.4)
      multipart-post (>= 1.2, < 3)
    gemfury (0.11.0)
      faraday (>= 0.9.0, < 0.16.0.pre)
      highline (>= 1.6.0, < 2.1.0.pre)
      multi_json (~> 1.10)
      netrc (>= 0.10.0, < 0.12.0.pre)
      progressbar (>= 1.10.1)
      thor (>= 0.14.0, < 1.0.0.pre)
    highline (2.0.3)
    multi_json (1.15.0)
    multipart-post (2.1.1)
    netrc (0.11.0)
    progressbar (1.10.1)
    rake (10.5.0)
    rspec (3.9.0)
      rspec-core (~> 3.9.0)
      rspec-expectations (~> 3.9.0)
      rspec-mocks (~> 3.9.0)
    rspec-core (3.9.2)
      rspec-support (~> 3.9.3)
    rspec-expectations (3.9.2)
      diff-lcs (>= 1.2.0, < 2.0)
      rspec-support (~> 3.9.0)
    rspec-mocks (3.9.1)
      diff-lcs (>= 1.2.0, < 2.0)
      rspec-support (~> 3.9.0)
    rspec-support (3.9.3)
    thor (0.20.3)

PLATFORMS
  ruby

DEPENDENCIES
  bundler (~> 1.16)
  dotenv
  gem_using_bundler!
  gemfury
  rake (~> 10.0)
  rspec (~> 3.0)

BUNDLED WITH
   2.1.4
